PATH
  remote: .
  specs:
    harmonia (0.1.0)
      mail (~> 2.3.0)
      rake (~> 0.9.2)
      whenever (~> 0.6.8)

GEM
  remote: http://rubygems.org/
  specs:
    aaronh-chronic (0.3.9)
    activesupport (3.1.0)
      multi_json (~> 1.0)
    i18n (0.6.0)
    mail (2.3.0)
      i18n (>= 0.4.0)
      mime-types (~> 1.16)
      treetop (~> 1.4.8)
    mime-types (1.16)
    mocha (0.9.12)
    multi_json (1.0.3)
    polyglot (0.3.2)
    rake (0.9.2)
    treetop (1.4.10)
      polyglot
      polyglot (>= 0.3.1)
    whenever (0.6.8)
      aaronh-chronic (>= 0.3.9)
      activesupport (>= 2.3.4)

PLATFORMS
  ruby

DEPENDENCIES
  harmonia!
  mocha
