GIT
  remote: git://github.com/freerange/free_agent.git
  revision: 57e767cbdc715029617f2faa6d5496c1abbb7a22
  specs:
    free_agent (0.1.0)
      activesupport
      crack
      hashie
      rest-client

GEM
  remote: http://rubygems.org/
  specs:
    aaronh-chronic (0.3.9)
    activesupport (3.2.1)
      i18n (~> 0.6)
      multi_json (~> 1.0)
    capistrano (2.13.0)
      highline
      net-scp (>= 1.0.0)
      net-sftp (>= 2.0.0)
      net-ssh (>= 2.0.14)
      net-ssh-gateway (>= 1.1.0)
    crack (0.3.1)
    hashie (1.2.0)
    highline (1.6.13)
    i18n (0.6.0)
    mail (2.3.0)
      i18n (>= 0.4.0)
      mime-types (~> 1.16)
      treetop (~> 1.4.8)
    mime-types (1.17.2)
    mocha (0.9.12)
    multi_json (1.0.4)
    net-scp (1.0.4)
      net-ssh (>= 1.99.1)
    net-sftp (2.0.5)
      net-ssh (>= 2.0.9)
    net-ssh (2.5.2)
    net-ssh-gateway (1.1.0)
      net-ssh (>= 1.99.1)
    open4 (1.3.0)
    polyglot (0.3.2)
    rake (0.9.2)
    recap (1.0.5)
      capistrano (~> 2.9)
      open4
      thor
    rest-client (1.6.7)
      mime-types (>= 1.16)
    ri_cal (0.8.8)
    thor (0.16.0)
    timecop (0.3.5)
    treetop (1.4.10)
      polyglot
      polyglot (>= 0.3.1)
    whenever (0.6.8)
      aaronh-chronic (>= 0.3.9)
      activesupport (>= 2.3.4)

PLATFORMS
  ruby

DEPENDENCIES
  free_agent!
  mail
  mocha
  rake
  recap
  ri_cal
  timecop
  whenever
